GIT
  remote: https://github.com/rightscale/right_api_client.git
  revision: 52edfdd44e7d406ea0f2f5c35a454703950e25cf
  branch: right_script_fixes
  specs:
    right_api_client (1.5.24)
      json (~> 1.0)
      mime-types (~> 1.0)
      rest-client (~> 1.6)

GEM
  remote: https://rubygems.org/
  specs:
    json (1.8.1)
    mime-types (1.25.1)
    netrc (0.10.0)
    rest-client (1.7.2)
      mime-types (>= 1.16, < 3.0)
      netrc (~> 0.7)
    terminal-table (1.4.5)
    thor (0.19.1)

PLATFORMS
  ruby

DEPENDENCIES
  right_api_client!
  terminal-table
  thor
