GIT
  remote: https://github.com/rightscale/right_api_client.git
  revision: 8a7376fef684e5d8d6d8c13cfaeb97cd75b5fcf8
  specs:
    right_api_client (1.5.26)
      json (~> 1.0)
      mime-types (~> 1.0)
      rest-client (~> 1.6)

GEM
  remote: https://rubygems.org/
  specs:
    json (1.8.2)
    mime-types (1.25.1)
    netrc (0.10.2)
    rest-client (1.7.2)
      mime-types (>= 1.16, < 3.0)
      netrc (~> 0.7)
    terminal-table (1.4.5)
    thor (0.19.1)

PLATFORMS
  ruby

DEPENDENCIES
  right_api_client!
  terminal-table
  thor
